GEM
  remote: https://rubygems.org/
  specs:
    nio4r (2.5.1)
    puma (4.1.0)
      nio4r (~> 2.0)
    rack (2.0.7)
    seg (1.2.0)
    syro (3.1.1)
      rack (>= 1.6.0)
      seg

PLATFORMS
  ruby

DEPENDENCIES
  puma
  rack
  syro

BUNDLED WITH
   2.0.2
